GEM
  remote: https://rubygems.org/
  specs:
    bcrypt (3.1.10)

PLATFORMS
  ruby

DEPENDENCIES
  bcrypt
